GEM
  remote: https://rubygems.org/
  specs:
    actionpack (5.0.2)
      actionview (= 5.0.2)
      activesupport (= 5.0.2)
      rack (~> 2.0)
      rack-test (~> 0.6.3)
      rails-dom-testing (~> 2.0)
      rails-html-sanitizer (~> 1.0, >= 1.0.2)
    actionview (5.0.2)
      activesupport (= 5.0.2)
      builder (~> 3.1)
      erubis (~> 2.7.0)
      rails-dom-testing (~> 2.0)
      rails-html-sanitizer (~> 1.0, >= 1.0.3)
    activemodel (5.0.2)
      activesupport (= 5.0.2)
    activesupport (5.0.2)
      concurrent-ruby (~> 1.0, >= 1.0.2)
      i18n (~> 0.7)
      minitest (~> 5.1)
      tzinfo (~> 1.1)
    addressable (2.5.1)
      public_suffix (~> 2.0, >= 2.0.2)
    ansi (1.5.0)
    awesome_print (1.7.0)
    bindex (0.5.0)
    buftok (0.2.0)
    builder (3.2.3)
    coderay (1.1.1)
    concurrent-ruby (1.0.5)
    diff-lcs (1.3)
    docile (1.1.5)
    domain_name (0.5.20170404)
      unf (>= 0.0.5, < 1.0.0)
    engtagger (0.2.1)
    equalizer (0.0.10)
    erubis (2.7.0)
    et-orbi (1.0.3)
      tzinfo
    faraday (0.9.2)
      multipart-post (>= 1.2, < 3)
    fast-stemmer (1.0.2)
    ffi (1.9.18-x64-mingw32)
    gingerice (1.2.2)
      addressable
      awesome_print
    highscore (1.2.1)
      whatlanguage (>= 1.0.0)
    htmlentities (4.3.4)
    http (1.0.4)
      addressable (~> 2.3)
      http-cookie (~> 1.0)
      http-form_data (~> 1.0.1)
      http_parser.rb (~> 0.6.0)
    http-cookie (1.0.3)
      domain_name (~> 0.5)
    http-form_data (1.0.1)
    http_parser.rb (0.6.0)
    i18n (0.8.1)
    json (1.8.3)
    loofah (2.0.3)
      nokogiri (>= 1.5.9)
    memoizable (0.4.2)
      thread_safe (~> 0.3, >= 0.3.1)
    method_source (0.8.2)
    mime-types (3.1)
      mime-types-data (~> 3.2015)
    mime-types-data (3.2016.0521)
    mini_portile2 (2.1.0)
    minitest (5.10.1)
    minitest-color (0.0.2)
      minitest (~> 5)
    minitest-reporters (1.1.14)
      ansi
      builder
      minitest (>= 5.0)
      ruby-progressbar
    multipart-post (2.0.0)
    naught (1.1.0)
    netrc (0.11.0)
    nokogiri (1.7.1-x64-mingw32)
      mini_portile2 (~> 2.1.0)
    oauth (0.5.1)
    pry (0.10.4)
      coderay (~> 1.1.0)
      method_source (~> 0.8.1)
      slop (~> 3.4)
    public_suffix (2.0.5)
    rack (2.0.1)
    rack-test (0.6.3)
      rack (>= 1.0)
    rails-dom-testing (2.0.2)
      activesupport (>= 4.2.0, < 6.0)
      nokogiri (~> 1.6)
    rails-html-sanitizer (1.0.3)
      loofah (~> 2.0)
    railties (5.0.2)
      actionpack (= 5.0.2)
      activesupport (= 5.0.2)
      method_source
      rake (>= 0.8.7)
      thor (>= 0.18.1, < 2.0)
    rake (12.0.0)
    rb-readline (0.5.1)
    rest-client (2.0.1-x64-mingw32)
      ffi (~> 1.9)
      http-cookie (>= 1.0.2, < 2.0)
      mime-types (>= 1.16, < 4.0)
      netrc (~> 0.8)
    rspec (3.5.0)
      rspec-core (~> 3.5.0)
      rspec-expectations (~> 3.5.0)
      rspec-mocks (~> 3.5.0)
    rspec-core (3.5.4)
      rspec-support (~> 3.5.0)
    rspec-expectations (3.5.0)
      diff-lcs (>= 1.2.0, < 2.0)
      rspec-support (~> 3.5.0)
    rspec-mocks (3.5.0)
      diff-lcs (>= 1.2.0, < 2.0)
      rspec-support (~> 3.5.0)
    rspec-support (3.5.0)
    ruby-progressbar (1.8.1)
    rufus-scheduler (3.4.0)
      et-orbi (~> 1.0)
    simple_oauth (0.3.1)
    simplecov (0.14.1)
      docile (~> 1.1.0)
      json (>= 1.8, < 3)
      simplecov-html (~> 0.10.0)
    simplecov-html (0.10.0)
    slop (3.6.0)
    thor (0.19.4)
    thread_safe (0.3.6)
    twitter (5.17.0)
      addressable (~> 2.3)
      buftok (~> 0.2.0)
      equalizer (= 0.0.10)
      faraday (~> 0.9.0)
      http (~> 1.0)
      http_parser.rb (~> 0.6.0)
      json (~> 1.8)
      memoizable (~> 0.4.0)
      naught (~> 1.0)
      simple_oauth (~> 0.3.0)
    twitter_ebooks (3.1.6)
      engtagger
      fast-stemmer
      gingerice
      highscore
      htmlentities
      oauth
      pry
      rufus-scheduler
      twitter (~> 5.15)
    tzinfo (1.2.3)
      thread_safe (~> 0.1)
    unf (0.1.4)
      unf_ext
    unf_ext (0.0.7.2-x64-mingw32)
    wdm (0.1.1)
    web-console (3.5.0)
      actionview (>= 5.0)
      activemodel (>= 5.0)
      bindex (>= 0.4.0)
      railties (>= 5.0)
    whatlanguage (1.0.6)
    win32console (1.3.2)

PLATFORMS
  x64-mingw32

DEPENDENCIES
  json (~> 1.8)
  minitest-color (= 0.0.2)
  minitest-reporters (= 1.1.14)
  rb-readline (= 0.5.1)
  rest-client (= 2.0.1)
  rspec (= 3.5.0)
  simplecov
  twitter_ebooks (= 3.1.6)
  wdm (>= 0.1.0)
  web-console (>= 3.3.0)
  win32console (= 1.3.2)

RUBY VERSION
   ruby 2.3.3p222

BUNDLED WITH
   1.14.6
